GEM
  remote: http://rubygems.org/
  specs:
    activesupport (3.0.1)
    autotest (4.3.2)
    bson (1.1.1)
    bson_ext (1.1.1)
    builder (2.1.2)
    capybara (0.3.9)
      culerity (>= 0.2.4)
      mime-types (>= 1.16)
      nokogiri (>= 1.3.3)
      rack (>= 1.0.0)
      rack-test (>= 0.5.4)
      selenium-webdriver (>= 0.0.3)
    childprocess (0.1.3)
      ffi (~> 0.6.3)
    configuration (1.1.0)
    cucumber (0.9.3)
      builder (~> 2.1.2)
      diff-lcs (~> 1.1.2)
      gherkin (~> 2.2.9)
      json (~> 1.4.6)
      term-ansicolor (~> 1.0.5)
    cucumber-sinatra (0.2.4)
      templater (>= 1.0.0)
    culerity (0.2.12)
    database_cleaner (0.6.0)
    diff-lcs (1.1.2)
    extlib (0.9.15)
    factory_girl (1.3.2)
    ffi (0.6.3)
      rake (>= 0.8.7)
    gherkin (2.2.9)
      json (~> 1.4.6)
      term-ansicolor (~> 1.0.5)
    haml (3.0.22)
    highline (1.6.1)
    i18n (0.4.2)
    jnunemaker-validatable (1.8.4)
      activesupport (>= 2.3.4)
    json (1.4.6)
    json_pure (1.4.6)
    launchy (0.3.7)
      configuration (>= 0.0.5)
      rake (>= 0.8.1)
    mail (2.2.9)
      activesupport (>= 2.3.6)
      i18n (~> 0.4.1)
      mime-types (~> 1.16)
      treetop (~> 1.4.8)
    mime-types (1.16)
    mongo (1.1.1)
      bson (>= 1.1.1)
    mongo_mapper (0.8.6)
      activesupport (>= 2.3.4)
      jnunemaker-validatable (~> 1.8.4)
      plucky (~> 0.3.6)
    nokogiri (1.4.3.1)
    plucky (0.3.6)
      mongo (~> 1.1)
    polyglot (0.3.1)
    pony (1.0.1)
      mail (> 2.0)
    rack (1.2.1)
    rack-flash (0.1.1)
      rack
    rack-test (0.5.6)
      rack (>= 1.0)
    rake (0.8.7)
    rdiscount (1.6.5)
    rspec (1.3.1)
    rubyzip (0.9.4)
    selenium-webdriver (0.0.29)
      childprocess (>= 0.0.7)
      ffi (~> 0.6.3)
      json_pure
      rubyzip
    sinatra (1.1.0)
      rack (~> 1.1)
      tilt (~> 1.1)
    templater (1.0.0)
      diff-lcs (>= 1.1.2)
      extlib (>= 0.9.5)
      highline (>= 1.4.0)
    term-ansicolor (1.0.5)
    tilt (1.1)
    treetop (1.4.8)
      polyglot (>= 0.3.1)
    webrat (0.7.2)
      nokogiri (>= 1.2.0)
      rack (>= 1.0)
      rack-test (>= 0.5.3)

PLATFORMS
  ruby

DEPENDENCIES
  autotest (~> 4.3.2)
  bson_ext (~> 1.1)
  capybara (~> 0.3.9)
  cucumber (~> 0.9.0)
  cucumber-sinatra (~> 0.2.3)
  database_cleaner (~> 0.6.0)
  factory_girl (~> 1.3.2)
  haml (~> 3.0.18)
  i18n (~> 0.4.1)
  launchy (~> 0.3.7)
  mongo_mapper (~> 0.8.4)
  pony (~> 1.0.1)
  rack-flash (~> 0.1.1)
  rdiscount (~> 1.6.5)
  rspec (~> 1.3.0)
  sinatra (~> 1.0)
  webrat (~> 0.7.1)
