GEM
  remote: http://rubygems.org/
  specs:
    activesupport (3.0.3)
    bson (1.1.2)
    bson_ext (1.1.5)
    capybara (0.3.9)
      culerity (>= 0.2.4)
      mime-types (>= 1.16)
      nokogiri (>= 1.3.3)
      rack (>= 1.0.0)
      rack-test (>= 0.5.4)
      selenium-webdriver (>= 0.0.3)
    childprocess (0.1.4)
      ffi (~> 0.6.3)
    configuration (1.2.0)
    culerity (0.2.12)
    database_cleaner (0.6.0)
    diff-lcs (1.1.2)
    factory_girl (1.3.2)
    ffi (0.6.3)
      rake (>= 0.8.7)
    haml (3.0.25)
    i18n (0.4.2)
    jnunemaker-validatable (1.8.4)
      activesupport (>= 2.3.4)
    json_pure (1.4.6)
    launchy (0.3.7)
      configuration (>= 0.0.5)
      rake (>= 0.8.1)
    mail (2.2.10)
      activesupport (>= 2.3.6)
      i18n (~> 0.4.1)
      mime-types (~> 1.16)
      treetop (~> 1.4.8)
    mime-types (1.16)
    mongo (1.1.2)
      bson (>= 1.1.1)
    mongo_mapper (0.8.6)
      activesupport (>= 2.3.4)
      jnunemaker-validatable (~> 1.8.4)
      plucky (~> 0.3.6)
    nokogiri (1.4.4)
    plucky (0.3.6)
      mongo (~> 1.1)
    polyglot (0.3.1)
    pony (1.0.1)
      mail (> 2.0)
    rack (1.2.1)
    rack-flash (0.1.1)
      rack
    rack-test (0.5.6)
      rack (>= 1.0)
    rake (0.8.7)
    rdiscount (1.6.5)
    rspec (2.1.0)
      rspec-core (~> 2.1.0)
      rspec-expectations (~> 2.1.0)
      rspec-mocks (~> 2.1.0)
    rspec-core (2.1.0)
    rspec-expectations (2.1.0)
      diff-lcs (~> 1.1.2)
    rspec-mocks (2.1.0)
    rubyzip (0.9.4)
    selenium-webdriver (0.1.0)
      childprocess (= 0.1.4)
      ffi (~> 0.6.3)
      json_pure
      rubyzip
    sinatra (1.1.0)
      rack (~> 1.1)
      tilt (~> 1.1)
    sinatra-content-for (0.2)
      sinatra
    steak (1.0.0)
      rspec
    tilt (1.1)
    treetop (1.4.9)
      polyglot (>= 0.3.1)
    webrat (0.7.2)
      nokogiri (>= 1.2.0)
      rack (>= 1.0)
      rack-test (>= 0.5.3)

PLATFORMS
  ruby

DEPENDENCIES
  bson_ext (~> 1.1.5)
  capybara (~> 0.3.9)
  database_cleaner (~> 0.6.0)
  factory_girl (~> 1.3.2)
  haml (~> 3.0.18)
  i18n (~> 0.4.1)
  launchy (~> 0.3.7)
  mongo_mapper (~> 0.8.4)
  pony (~> 1.0.1)
  rack-flash (~> 0.1.1)
  rdiscount (~> 1.6.5)
  rspec (~> 2.1.0)
  sinatra (~> 1.1)
  sinatra-content-for
  steak (~> 1.0.0)
  webrat (~> 0.7.1)
